GEM
  remote: http://rubygems.org/
  specs:
    hashie (3.6.0)
    omniauth (1.3.2)
      hashie (>= 1.2, < 4)
      rack (>= 1.0, < 3)
    rack (2.0.6)
    xml-simple (1.1.5)

PLATFORMS
  ruby

DEPENDENCIES
  omniauth (= 1.3.2)
  xml-simple (= 1.1.5)

BUNDLED WITH
   2.0.1
